PATH
  remote: .
  specs:
    bureaucrat-sc (0.12.0)
      activesupport (~> 3.2)
      i18n (~> 0.6)

GEM
  remote: https://rubygems.org/
  specs:
    activesupport (3.2.15)
      i18n (~> 0.6, >= 0.6.4)
      multi_json (~> 1.0)
    diff-lcs (1.1.3)
    i18n (0.6.5)
    multi_json (1.8.2)
    rake (10.0.3)
    rspec (2.12.0)
      rspec-core (~> 2.12.0)
      rspec-expectations (~> 2.12.0)
      rspec-mocks (~> 2.12.0)
    rspec-core (2.12.2)
    rspec-expectations (2.12.1)
      diff-lcs (~> 1.1.3)
    rspec-mocks (2.12.1)

PLATFORMS
  ruby

DEPENDENCIES
  bureaucrat-sc!
  rake (= 10.0.3)
  rspec (= 2.12.0)
